GEM
  remote: https://rubygems.org/
  specs:
    git (1.2.9.1)

PLATFORMS
  ruby

DEPENDENCIES
  git
